GEM
  remote: https://rubygems.org/
  specs:
    activemodel (4.0.4)
      activesupport (= 4.0.4)
      builder (~> 3.1.0)
    activesupport (4.0.4)
      i18n (~> 0.6, >= 0.6.9)
      minitest (~> 4.2)
      multi_json (~> 1.3)
      thread_safe (~> 0.1)
      tzinfo (~> 0.3.37)
    builder (3.1.4)
    i18n (0.6.11)
    minitest (4.7.5)
    multi_json (1.10.1)
    rake (10.3.2)
    sqlite3 (1.3.9)
    thread_safe (0.3.4)
    tzinfo (0.3.40)

PLATFORMS
  ruby

DEPENDENCIES
  activemodel (= 4.0.4)
  activesupport (= 4.0.4)
  rake
  sqlite3
